GEM
  remote: https://rubygems.org/
  specs:
    awesome_print (1.6.1)
    docile (1.1.5)
    ffi (1.9.10)
    guard-compat (1.2.1)
    guard-process (1.2.1)
      guard-compat (~> 1.2, >= 1.2.1)
      spoon (~> 0.0.1)
    json (1.8.3)
    kgio (2.10.0)
    rack (1.6.4)
    rack-test (0.6.3)
      rack (>= 1.0)
    raindrops (0.16.0)
    rake (11.1.2)
    simplecov (0.11.2)
      docile (~> 1.1.0)
      json (~> 1.8)
      simplecov-html (~> 0.10.0)
    simplecov-html (0.10.0)
    spoon (0.0.4)
      ffi
    travis-lint (2.0.0)
      json
    unicorn (5.1.0)
      kgio (~> 2.6)
      raindrops (~> 0.7)

PLATFORMS
  ruby

DEPENDENCIES
  awesome_print
  guard-process
  json
  rack
  rack-test
  rake
  simplecov
  travis-lint
  unicorn

RUBY VERSION
   ruby 2.1.7p400

BUNDLED WITH
   1.12.1
