GEM
  remote: https://rubygems.org/
  specs:
    docile (1.3.0)
    ffi (1.9.14)
    guard-compat (1.2.1)
    guard-process (1.2.1)
      guard-compat (~> 1.2, >= 1.2.1)
      spoon (~> 0.0.1)
    json (2.1.0)
    kgio (2.11.1)
    minitest (5.11.3)
    rack (2.0.4)
    rack-test (0.8.3)
      rack (>= 1.0, < 3)
    raindrops (0.19.0)
    rake (12.3.1)
    simplecov (0.16.1)
      docile (~> 1.1)
      json (>= 1.8, < 3)
      simplecov-html (~> 0.10.0)
    simplecov-html (0.10.2)
    spoon (0.0.4)
      ffi
    travis-lint (2.0.0)
      json
    unicorn (5.4.0)
      kgio (~> 2.6)
      raindrops (~> 0.7)

PLATFORMS
  ruby

DEPENDENCIES
  guard-process
  json
  minitest
  rack
  rack-test
  rake
  simplecov
  travis-lint
  unicorn

RUBY VERSION
   ruby 2.3.1p112

BUNDLED WITH
   1.15.1
